PATH
  remote: .
  specs:
    modpack_localizer (0.1.6)
      activesupport (= 8.0.0.beta1)
      countries (~> 7.0.0)
      iso-639 (~> 0.3.8)
      json (~> 2.2)
      rainbow (~> 3.1.1)
      ruby-progressbar (~> 1.13.0)
      rubyzip (= 3.0.0.alpha)
      translation_api (~> 0.1.2)

GEM
  remote: https://rubygems.org/
  specs:
    activesupport (8.0.0.beta1)
      base64
      benchmark (>= 0.3)
      bigdecimal
      concurrent-ruby (~> 1.0, >= 1.3.1)
      connection_pool (>= 2.2.5)
      drb
      i18n (>= 1.6, < 2)
      logger (>= 1.4.2)
      minitest (>= 5.1)
      securerandom (>= 0.3)
      tzinfo (~> 2.0, >= 2.0.5)
      uri (>= 0.13.1)
    ast (2.4.3)
    base64 (0.2.0)
    benchmark (0.4.0)
    bigdecimal (3.1.9)
    concurrent-ruby (1.3.5)
    connection_pool (2.5.0)
    countries (7.0.0)
      unaccent (~> 0.3)
    csv (3.3.3)
    deepl-rb (2.5.3)
    diff-lcs (1.6.1)
    dotenv (3.1.7)
    drb (2.2.1)
    event_stream_parser (1.0.0)
    faraday (2.12.2)
      faraday-net_http (>= 2.0, < 3.5)
      json
      logger
    faraday-multipart (1.1.0)
      multipart-post (~> 2.0)
    faraday-net_http (3.4.0)
      net-http (>= 0.5.0)
    i18n (1.14.7)
      concurrent-ruby (~> 1.0)
    iso-639 (0.3.8)
      csv
    json (2.10.2)
    language_server-protocol (3.17.0.4)
    lint_roller (1.1.0)
    logger (1.7.0)
    minitest (5.25.5)
    multipart-post (2.4.1)
    net-http (0.6.0)
      uri
    parallel (1.26.3)
    parser (3.3.7.3)
      ast (~> 2.4.1)
      racc
    prism (1.4.0)
    racc (1.8.1)
    rainbow (3.1.1)
    rake (13.2.1)
    regexp_parser (2.10.0)
    rspec (3.13.0)
      rspec-core (~> 3.13.0)
      rspec-expectations (~> 3.13.0)
      rspec-mocks (~> 3.13.0)
    rspec-core (3.13.3)
      rspec-support (~> 3.13.0)
    rspec-expectations (3.13.3)
      diff-lcs (>= 1.2.0, < 2.0)
      rspec-support (~> 3.13.0)
    rspec-mocks (3.13.2)
      diff-lcs (>= 1.2.0, < 2.0)
      rspec-support (~> 3.13.0)
    rspec-support (3.13.2)
    rubocop (1.75.1)
      json (~> 2.3)
      language_server-protocol (~> 3.17.0.2)
      lint_roller (~> 1.1.0)
      parallel (~> 1.10)
      parser (>= 3.3.0.2)
      rainbow (>= 2.2.2, < 4.0)
      regexp_parser (>= 2.9.3, < 3.0)
      rubocop-ast (>= 1.43.0, < 2.0)
      ruby-progressbar (~> 1.7)
      unicode-display_width (>= 2.4.0, < 4.0)
    rubocop-ast (1.43.0)
      parser (>= 3.3.7.2)
      prism (~> 1.4)
    rubocop-rake (0.6.0)
      rubocop (~> 1.0)
    rubocop-rspec (3.0.5)
      rubocop (~> 1.61)
    ruby-openai (7.1.0)
      event_stream_parser (>= 0.3.0, < 2.0.0)
      faraday (>= 1)
      faraday-multipart (>= 1)
    ruby-progressbar (1.13.0)
    rubyzip (3.0.0.alpha)
    securerandom (0.4.1)
    translation_api (0.1.2)
      deepl-rb (~> 2.5.3)
      dotenv (~> 3.1.4)
      ruby-openai (~> 7.1.0)
    tzinfo (2.0.6)
      concurrent-ruby (~> 1.0)
    unaccent (0.4.0)
    unicode-display_width (3.1.4)
      unicode-emoji (~> 4.0, >= 4.0.4)
    unicode-emoji (4.0.4)
    uri (1.0.3)
    yard (0.9.37)

PLATFORMS
  ruby
  x86_64-linux

DEPENDENCIES
  activesupport (= 8.0.0.beta1)
  countries (~> 7.0.0)
  iso-639 (~> 0.3.8)
  json (~> 2.2)
  modpack_localizer!
  rainbow (~> 3.1.1)
  rake (~> 13.0)
  rspec (~> 3.0)
  rubocop (~> 1.21)
  rubocop-rake (~> 0.6.0)
  rubocop-rspec (~> 3.0.5)
  ruby-progressbar (~> 1.13.0)
  rubyzip (= 3.0.0.alpha)
  translation_api (~> 0.1.2)
  yard (~> 0.9.37)

BUNDLED WITH
   2.6.2
